GEM
  remote: https://rubygems.org/
  specs:
    yard (0.9.26)

PLATFORMS
  ruby

DEPENDENCIES
  yard (~> 0.9.26)

RUBY VERSION
   ruby 2.7.2p137

BUNDLED WITH
   2.1.4
