GEM
  remote: https://rubygems.org/
  specs:
    units (1.0.1)

PLATFORMS
  ruby

DEPENDENCIES
  units

RUBY VERSION
   ruby 2.7.2p137

BUNDLED WITH
   2.1.4
